GEM
  remote: http://rubygems.org/
  specs:
    minitest (2.11.4)

PLATFORMS
  ruby

DEPENDENCIES
  minitest
